GEM
  remote: http://rubygems.org/
  specs:
    addressable (2.2.6)
    chunky_png (1.2.5)
    compass (0.11.7)
      chunky_png (~> 1.2)
      fssm (>= 0.2.7)
      sass (~> 3.1)
    faraday (0.5.7)
      addressable (~> 2.2.4)
      multipart-post (~> 1.1.0)
      rack (>= 1.1.0, < 2)
    faraday_middleware (0.3.2)
      faraday (~> 0.5.4)
    fssm (0.2.8.1)
    haml (3.1.4)
    hashie (0.4.0)
    multi_json (0.0.5)
    multi_xml (0.2.2)
    multipart-post (1.1.4)
    oauth (0.4.5)
    pg (0.12.2)
    rack (1.3.6)
    sass (3.1.12)
    sequel (3.31.0)
    simple_oauth (0.1.5)
    sinatra (1.1.0)
      rack (~> 1.1)
      tilt (~> 1.1)
    sqlite3 (1.3.5)
    tilt (1.3.3)
    twitter (1.1.1)
      faraday (~> 0.5.4)
      faraday_middleware (~> 0.3.1)
      hashie (~> 0.4.0)
      multi_json (~> 0.0.5)
      multi_xml (~> 0.2.0)
      simple_oauth (~> 0.1.3)

PLATFORMS
  ruby

DEPENDENCIES
  compass
  haml
  oauth
  pg
  rack (= 1.3.6)
  sass
  sequel
  sinatra (= 1.1.0)
  sqlite3
  twitter (= 1.1.1)
